GEM
  remote: http://rubygems.org/
  specs:
    atoulme-Antwrap (0.7.1)
      rjb (>= 1.0.3)
    builder (2.1.2)
    buildr (1.4.6)
      atoulme-Antwrap (= 0.7.1)
      builder (= 2.1.2)
      diff-lcs (= 1.1.2)
      highline (= 1.5.1)
      hoe (= 2.3.3)
      json_pure (= 1.4.3)
      minitar (= 0.5.3)
      net-sftp (= 2.0.4)
      net-ssh (= 2.0.23)
      rake (= 0.8.7)
      rjb (= 1.3.3)
      rspec (= 2.1.0)
      rspec-core (= 2.1.0)
      rspec-expectations (= 2.1.0)
      rspec-mocks (= 2.1.0)
      rubyforge (= 2.0.3)
      rubyzip (= 0.9.4)
      xml-simple (= 1.0.12)
    ci_reporter (1.6.5)
      builder (>= 2.1.2)
    diff-lcs (1.1.2)
    git (1.2.5)
    highline (1.5.1)
    hoe (2.3.3)
      rake (>= 0.8.7)
      rubyforge (>= 1.0.4)
    jeweler (1.8.3)
      bundler (~> 1.0)
      git (>= 1.2.5)
      rake
      rdoc
    json (1.6.6)
    json_pure (1.4.3)
    minitar (0.5.3)
    multi_json (1.3.6)
    net-sftp (2.0.4)
      net-ssh (>= 2.0.9)
    net-ssh (2.0.23)
    rake (0.8.7)
    rdoc (3.12)
      json (~> 1.4)
    rjb (1.3.3)
    rspec (2.1.0)
      rspec-core (~> 2.1.0)
      rspec-expectations (~> 2.1.0)
      rspec-mocks (~> 2.1.0)
    rspec-core (2.1.0)
    rspec-expectations (2.1.0)
      diff-lcs (~> 1.1.2)
    rspec-mocks (2.1.0)
    rubyforge (2.0.3)
      json_pure (>= 1.1.7)
    rubyzip (0.9.4)
    shoulda (3.0.1)
      shoulda-context (~> 1.0.0)
      shoulda-matchers (~> 1.0.0)
    shoulda-context (1.0.0)
    shoulda-matchers (1.0.0)
    simplecov (0.6.4)
      multi_json (~> 1.0)
      simplecov-html (~> 0.5.3)
    simplecov-html (0.5.3)
    simplecov-rcov (0.2.3)
      simplecov (>= 0.4.1)
    xml-simple (1.0.12)

PLATFORMS
  ruby
  x86-mingw32

DEPENDENCIES
  buildr (= 1.4.6)
  bundler (= 1.1.3)
  ci_reporter (= 1.6.5)
  jeweler (= 1.8.3)
  rspec (= 2.1.0)
  shoulda
  simplecov
  simplecov-rcov
